GEM
  remote: https://rubygems.org/
  specs:
    actionmailer (3.2.3)
      actionpack (= 3.2.3)
      mail (~> 2.4.4)
    actionpack (3.2.3)
      activemodel (= 3.2.3)
      activesupport (= 3.2.3)
      builder (~> 3.0.0)
      erubis (~> 2.7.0)
      journey (~> 1.0.1)
      rack (~> 1.4.0)
      rack-cache (~> 1.2)
      rack-test (~> 0.6.1)
      sprockets (~> 2.1.2)
    activemodel (3.2.3)
      activesupport (= 3.2.3)
      builder (~> 3.0.0)
    activerecord (3.2.3)
      activemodel (= 3.2.3)
      activesupport (= 3.2.3)
      arel (~> 3.0.2)
      tzinfo (~> 0.3.29)
    activeresource (3.2.3)
      activemodel (= 3.2.3)
      activesupport (= 3.2.3)
    activesupport (3.2.3)
      i18n (~> 0.6)
      multi_json (~> 1.0)
    addressable (2.4.0)
    akami (1.3.1)
      gyoku (>= 0.4.0)
      nokogiri
    arel (3.0.3)
    autoprefixer-rails (6.4.0.2)
      execjs
    bcrypt-ruby (3.0.1)
    bootstrap-sass (3.2.0.2)
      sass (~> 3.2)
    builder (3.0.4)
    childprocess (0.5.9)
      ffi (~> 1.0, >= 1.0.11)
    chinese_pinyin (1.0.1)
    coffee-rails (3.2.2)
      coffee-script (>= 2.2.0)
      railties (~> 3.2.0)
    coffee-script (2.4.1)
      coffee-script-source
      execjs
    coffee-script-source (1.10.0)
    commonwatir (4.0.0)
    erubis (2.7.0)
    execjs (2.7.0)
    faraday (0.9.2)
      multipart-post (>= 1.2, < 3)
    ffi (1.9.14)
    font-awesome-rails (4.6.3.1)
      railties (>= 3.2, < 5.1)
    gyoku (1.3.1)
      builder (>= 2.1.2)
    hashie (3.4.4)
    hike (1.2.3)
    hirb (0.7.3)
    httparty (0.14.0)
      multi_xml (>= 0.5.2)
    httpi (2.4.2)
      rack
      socksify
    i18n (0.7.0)
    journey (1.0.4)
    jquery-rails (3.1.4)
      railties (>= 3.0, < 5.0)
      thor (>= 0.14, < 2.0)
    json (1.8.3)
    jwt (1.5.4)
    koala (2.4.0)
      addressable
      faraday
      multi_json (>= 1.3.0)
    macaddr (1.7.1)
      systemu (~> 2.6.2)
    mail (2.4.4)
      i18n (>= 0.4.0)
      mime-types (~> 1.16)
      treetop (~> 1.4.8)
    mime-types (1.25.1)
    mini_portile2 (2.1.0)
    multi_json (1.12.1)
    multi_xml (0.5.5)
    multipart-post (2.0.0)
    newrelic_rpm (3.16.1.320)
    nokogiri (1.6.8)
      mini_portile2 (~> 2.1.0)
      pkg-config (~> 1.1.7)
    nori (2.6.0)
    oauth2 (1.2.0)
      faraday (>= 0.8, < 0.10)
      jwt (~> 1.0)
      multi_json (~> 1.3)
      multi_xml (~> 0.5)
      rack (>= 1.2, < 3)
    omniauth (1.3.1)
      hashie (>= 1.2, < 4)
      rack (>= 1.0, < 3)
    omniauth-facebook (4.0.0)
      omniauth-oauth2 (~> 1.2)
    omniauth-oauth2 (1.4.0)
      oauth2 (~> 1.0)
      omniauth (~> 1.2)
    pg (0.16.0)
    pkg-config (1.1.7)
    polyglot (0.3.5)
    power_assert (0.3.0)
    puma (3.6.0)
    rack (1.4.7)
    rack-cache (1.6.1)
      rack (>= 0.4)
    rack-ssl (1.3.4)
      rack
    rack-test (0.6.3)
      rack (>= 1.0)
    rack-timeout (0.4.2)
    rails (3.2.3)
      actionmailer (= 3.2.3)
      actionpack (= 3.2.3)
      activerecord (= 3.2.3)
      activeresource (= 3.2.3)
      activesupport (= 3.2.3)
      bundler (~> 1.0)
      railties (= 3.2.3)
    railties (3.2.3)
      actionpack (= 3.2.3)
      activesupport (= 3.2.3)
      rack-ssl (~> 1.3.2)
      rake (>= 0.8.7)
      rdoc (~> 3.4)
      thor (~> 0.14.6)
    rake (11.2.2)
    randumb (0.5.0)
      activerecord (>= 3.0.0)
      activesupport (>= 3.0.0)
      rake
    rb-readline (0.5.3)
    rdoc (3.12.2)
      json (~> 1.4)
    redis (3.3.1)
    redis-actionpack (3.2.4)
      actionpack (~> 3.2.0)
      redis-rack (~> 1.4.4)
      redis-store (~> 1.1.4)
    redis-activesupport (3.2.5)
      activesupport (~> 3.2.0)
      redis-store (~> 1.1.0)
    redis-rack (1.4.4)
      rack (~> 1.4.0)
      redis-store (~> 1.1.4)
    redis-rails (3.2.4)
      redis-actionpack (~> 3.2.4)
      redis-activesupport (~> 3.2.4)
      redis-store (~> 1.1.4)
    redis-store (1.1.7)
      redis (>= 2.2)
    rubyzip (1.2.0)
    sass (3.4.22)
    sass-rails (3.2.6)
      railties (~> 3.2.0)
      sass (>= 3.1.10)
      tilt (~> 1.3)
    savon (2.10.1)
      akami (~> 1.2)
      builder (>= 2.1.2)
      gyoku (~> 1.2)
      httpi (~> 2.3)
      nokogiri (>= 1.4.0)
      nori (~> 2.4)
      uuid (~> 2.3.7)
      wasabi (~> 3.4)
    selenium-webdriver (2.53.4)
      childprocess (~> 0.5)
      rubyzip (~> 1.0)
      websocket (~> 1.0)
    socksify (1.7.0)
    sprockets (2.1.4)
      hike (~> 1.2)
      rack (~> 1.0)
      tilt (~> 1.1, != 1.3.0)
    systemu (2.6.5)
    test-unit (3.2.1)
      power_assert
    thor (0.14.6)
    tilt (1.4.1)
    treetop (1.4.15)
      polyglot
      polyglot (>= 0.3.1)
    tzinfo (0.3.51)
    uglifier (3.0.2)
      execjs (>= 0.3.0, < 3)
    uuid (2.3.8)
      macaddr (~> 1.0)
    wasabi (3.5.0)
      httpi (~> 2.0)
      nokogiri (>= 1.4.2)
    watir (4.0.2)
      commonwatir (~> 4)
      watir-webdriver
    watir-webdriver (0.9.3)
      selenium-webdriver (>= 2.46.2)
    websocket (1.2.3)

PLATFORMS
  ruby

DEPENDENCIES
  autoprefixer-rails
  bcrypt-ruby (~> 3.0.0)
  bootstrap-sass (~> 3.2.0)
  chinese_pinyin
  coffee-rails (~> 3.2.1)
  font-awesome-rails
  hirb (~> 0.7.2)
  httparty
  jquery-rails
  koala (~> 2.2)
  newrelic_rpm
  nokogiri
  omniauth
  omniauth-facebook
  pg (= 0.16.0)
  puma
  rack-timeout
  rails (= 3.2.3)
  randumb
  rb-readline
  redis
  redis-rails
  sass-rails (~> 3.2.3)
  savon (~> 2.10.0)
  test-unit
  uglifier (>= 1.0.3)
  watir (~> 4.0)

BUNDLED WITH
   1.12.5
